PATH
  remote: .
  specs:
    bitwapi (0.1.0)
      jwt (~> 1.5, >= 1.5.4)
      pbkdf2-ruby
      rest-client (~> 2.1.0)

GEM
  remote: https://rubygems.org/
  specs:
    diff-lcs (1.3)
    domain_name (0.5.20190701)
      unf (>= 0.0.5, < 1.0.0)
    http-accept (1.7.0)
    http-cookie (1.0.3)
      domain_name (~> 0.5)
    jwt (1.5.6)
    mime-types (3.2.2)
      mime-types-data (~> 3.2015)
    mime-types-data (3.2019.0331)
    netrc (0.11.0)
    pbkdf2-ruby (0.2.1)
    rake (10.5.0)
    rest-client (2.1.0)
      http-accept (>= 1.7.0, < 2.0)
      http-cookie (>= 1.0.2, < 2.0)
      mime-types (>= 1.16, < 4.0)
      netrc (~> 0.8)
    rspec (3.8.0)
      rspec-core (~> 3.8.0)
      rspec-expectations (~> 3.8.0)
      rspec-mocks (~> 3.8.0)
    rspec-core (3.8.2)
      rspec-support (~> 3.8.0)
    rspec-expectations (3.8.4)
      diff-lcs (>= 1.2.0, < 2.0)
      rspec-support (~> 3.8.0)
    rspec-mocks (3.8.1)
      diff-lcs (>= 1.2.0, < 2.0)
      rspec-support (~> 3.8.0)
    rspec-support (3.8.2)
    unf (0.1.4)
      unf_ext
    unf_ext (0.0.7.6)

PLATFORMS
  ruby

DEPENDENCIES
  bitwapi!
  bundler (~> 1.16)
  rake (~> 10.0)
  rspec (~> 3.0)

BUNDLED WITH
   1.16.4
